GEM
  remote: https://rubygems.org/
  specs:
    backports (3.15.0)
    monkey-lib (0.4.2)
      backports
    mustermann (3.0.0)
      ruby2_keywords (~> 0.0.1)
    rack (2.2.4)
    rack-protection (3.0.4)
      rack
    rack-test (1.1.0)
      rack (>= 1.0, < 3)
    rake (12.3.2)
    ruby2_keywords (0.0.5)
    sinatra (3.0.4)
      mustermann (~> 3.0)
      rack (~> 2.2, >= 2.2.4)
      rack-protection (= 3.0.4)
      tilt (~> 2.0)
    sinatra-advanced-routes (0.4.1)
      monkey-lib (~> 0.4.0)
      sinatra (>= 0.9.4)
      sinatra-sugar (~> 0.4.0)
    sinatra-export (1.0.1)
      rack
      rack-test
      rake
      sinatra
      sinatra-advanced-routes
      term-ansicolor
    sinatra-sugar (0.4.1)
      monkey-lib (~> 0.4.0)
      sinatra (>= 0.9.4)
    term-ansicolor (1.7.1)
      tins (~> 1.0)
    tilt (2.0.11)
    tins (1.20.2)

PLATFORMS
  ruby

DEPENDENCIES
  sinatra-export

BUNDLED WITH
   2.0.1
