GEM
  remote: https://rubygems.org/
  specs:
    backports (3.15.0)
    monkey-lib (0.4.2)
      backports
    mustermann (1.0.3)
    rack (2.0.7)
    rack-protection (2.0.5)
      rack
    rack-test (1.1.0)
      rack (>= 1.0, < 3)
    rake (12.3.2)
    sinatra (2.0.5)
      mustermann (~> 1.0)
      rack (~> 2.0)
      rack-protection (= 2.0.5)
      tilt (~> 2.0)
    sinatra-advanced-routes (0.4.1)
      monkey-lib (~> 0.4.0)
      sinatra (>= 0.9.4)
      sinatra-sugar (~> 0.4.0)
    sinatra-export (1.0.1)
      rack
      rack-test
      rake
      sinatra
      sinatra-advanced-routes
      term-ansicolor
    sinatra-sugar (0.4.1)
      monkey-lib (~> 0.4.0)
      sinatra (>= 0.9.4)
    term-ansicolor (1.7.1)
      tins (~> 1.0)
    tilt (2.0.9)
    tins (1.20.2)

PLATFORMS
  ruby

DEPENDENCIES
  sinatra-export

BUNDLED WITH
   2.0.1
